GEM
  remote: https://rubygems.org/
  specs:
    byebug (11.1.3)
    coderay (1.1.2)
    method_source (1.0.0)
    minitest (5.14.1)
    minitest-focus (1.2.0)
      minitest (>= 4, < 6)
    pry (0.13.1)
      coderay (~> 1.1)
      method_source (~> 1.0)
    pry-byebug (3.9.0)
      byebug (~> 11.0)
      pry (~> 0.13.0)

PLATFORMS
  ruby

DEPENDENCIES
  minitest
  minitest-focus
  pry
  pry-byebug

RUBY VERSION
   ruby 2.7.1p83

BUNDLED WITH
   2.1.4
